GEM
  remote: http://rubygems.org/
  specs:
    diff-lcs (1.1.3)
    git (1.2.5)
    jeweler (1.6.4)
      bundler (~> 1.0)
      git (>= 1.2.5)
      rake
    rake (0.9.2.2)
    rcov (0.9.11)
    rcov (0.9.11-java)
    rmagick4j (0.3.7)
    rspec (2.3.0)
      rspec-core (~> 2.3.0)
      rspec-expectations (~> 2.3.0)
      rspec-mocks (~> 2.3.0)
    rspec-core (2.3.1)
    rspec-expectations (2.3.0)
      diff-lcs (~> 1.1.2)
    rspec-mocks (2.3.0)
    tsafe (0.0.0)
    wref (0.0.0)

PLATFORMS
  java
  ruby

DEPENDENCIES
  bundler (>= 1.0.0)
  jeweler (~> 1.6.3)
  rcov
  rmagick4j
  rspec (~> 2.3.0)
  tsafe
  wref
