GEM
  remote: http://rubygems.org/
  specs:
    array_enumerator (0.0.3)
    datet (0.0.25)
    diff-lcs (1.2.4)
    git (1.2.5)
    http2 (0.0.17)
    jeweler (1.8.4)
      bundler (~> 1.0)
      git (>= 1.2.5)
      rake
      rdoc
    json (1.8.0)
    php4r (0.0.4)
      datet
      http2
      string-strtr
    rake (10.1.0)
    rdoc (4.0.1)
      json (~> 1.4)
    rmagick (2.13.2)
    rspec (2.13.0)
      rspec-core (~> 2.13.0)
      rspec-expectations (~> 2.13.0)
      rspec-mocks (~> 2.13.0)
    rspec-core (2.13.1)
    rspec-expectations (2.13.0)
      diff-lcs (>= 1.1.3, < 2.0)
    rspec-mocks (2.13.1)
    ruby_process (0.0.8)
      tsafe
      wref
    sqlite3 (1.3.7)
    string-strtr (0.0.3)
    tsafe (0.0.11)
    wref (0.0.6)

PLATFORMS
  ruby

DEPENDENCIES
  array_enumerator
  bundler
  datet
  http2
  jeweler
  php4r
  rmagick
  rspec
  ruby_process
  sqlite3
  tsafe
  wref
