GEM
  remote: http://rubygems.org/
  specs:
    datet (0.0.12)
    diff-lcs (1.1.3)
    git (1.2.5)
    http2 (0.0.5)
    jeweler (1.6.4)
      bundler (~> 1.0)
      git (>= 1.2.5)
      rake
    rake (0.9.2.2)
    rmagick (2.13.1)
    rspec (2.3.0)
      rspec-core (~> 2.3.0)
      rspec-expectations (~> 2.3.0)
      rspec-mocks (~> 2.3.0)
    rspec-core (2.3.1)
    rspec-expectations (2.3.0)
      diff-lcs (~> 1.1.2)
    rspec-mocks (2.3.0)
    sqlite3 (1.3.6)
    tsafe (0.0.1)
    wref (0.0.5)

PLATFORMS
  java
  ruby

DEPENDENCIES
  bundler (>= 1.0.0)
  datet
  http2
  jeweler (~> 1.6.3)
  rmagick
  rspec (~> 2.3.0)
  sqlite3
  tsafe
  wref
