GEM
  remote: http://rubygems.org/
  specs:
    array_enumerator (0.0.10)
    datet (0.0.25)
    diff-lcs (1.4.4)
    http2 (0.0.36)
      string-cases (~> 0)
    php4r (0.0.4)
      datet
      http2
      string-strtr
    rmagick (4.2.2)
    rspec (3.10.0)
      rspec-core (~> 3.10.0)
      rspec-expectations (~> 3.10.0)
      rspec-mocks (~> 3.10.0)
    rspec-core (3.10.1)
      rspec-support (~> 3.10.0)
    rspec-expectations (3.10.1)
      diff-lcs (>= 1.2.0, < 2.0)
      rspec-support (~> 3.10.0)
    rspec-mocks (3.10.2)
      diff-lcs (>= 1.2.0, < 2.0)
      rspec-support (~> 3.10.0)
    rspec-support (3.10.2)
    ruby_process (0.0.13)
      string-cases
      tsafe
      wref
    sqlite3 (1.4.2)
    string-cases (0.0.4)
    string-strtr (0.0.3)
    tsafe (0.0.12)
    wref (0.0.8)

PLATFORMS
  ruby

DEPENDENCIES
  array_enumerator
  bundler
  datet
  http2
  php4r
  rmagick
  rspec
  ruby_process
  sqlite3
  tsafe
  wref (>= 0.0.8)

BUNDLED WITH
   2.3.8
