GEM
  remote: http://rubygems.org/
  specs:
    datet (0.0.0)
    diff-lcs (1.1.3)
    git (1.2.5)
    http2 (0.0.0)
      knjrbfw
    jeweler (1.6.4)
      bundler (~> 1.0)
      git (>= 1.2.5)
      rake
    knjrbfw (0.0.55)
      tsafe
      wref
    rake (0.9.2.2)
    rcov (0.9.11)
    rcov (0.9.11-java)
    rmagick (2.13.1)
    rspec (2.3.0)
      rspec-core (~> 2.3.0)
      rspec-expectations (~> 2.3.0)
      rspec-mocks (~> 2.3.0)
    rspec-core (2.3.1)
    rspec-expectations (2.3.0)
      diff-lcs (~> 1.1.2)
    rspec-mocks (2.3.0)
    sqlite3 (1.3.6)
    tsafe (0.0.0)
    wref (0.0.0)

PLATFORMS
  java
  ruby

DEPENDENCIES
  bundler (>= 1.0.0)
  datet
  http2
  jeweler (~> 1.6.3)
  rcov
  rmagick
  rspec (~> 2.3.0)
  sqlite3
  tsafe
  wref
