GEM
  remote: http://rubygems.org/
  specs:
    addressable (2.7.0)
      public_suffix (>= 2.0.2, < 5.0)
    array_enumerator (0.0.3)
    builder (3.2.2)
    datet (0.0.25)
    descendants_tracker (0.0.4)
      thread_safe (~> 0.3, >= 0.3.1)
    diff-lcs (1.2.5)
    faraday (0.17.3)
      multipart-post (>= 1.2, < 3)
    git (1.2.6)
    github_api (0.18.2)
      addressable (~> 2.4)
      descendants_tracker (~> 0.0.4)
      faraday (~> 0.8)
      hashie (~> 3.5, >= 3.5.2)
      oauth2 (~> 1.0)
    hashie (3.6.0)
    highline (1.6.21)
    http2 (0.0.23)
    jeweler (2.0.1)
      builder
      bundler (>= 1.0)
      git (>= 1.2.5)
      github_api
      highline (>= 1.6.15)
      nokogiri (>= 1.5.10)
      rake
      rdoc
    json (1.8.1)
    jwt (2.2.1)
    mini_portile2 (2.5.1)
    multi_json (1.14.1)
    multi_xml (0.6.0)
    multipart-post (2.1.1)
    nokogiri (1.11.4)
      mini_portile2 (~> 2.5.0)
      racc (~> 1.4)
    oauth2 (1.4.4)
      faraday (>= 0.8, < 2.0)
      jwt (>= 1.0, < 3.0)
      multi_json (~> 1.3)
      multi_xml (~> 0.5)
      rack (>= 1.2, < 3)
    php4r (0.0.4)
      datet
      http2
      string-strtr
    public_suffix (4.0.3)
    racc (1.5.2)
    rack (2.2.3)
    rake (13.0.1)
    rdoc (4.1.1)
      json (~> 1.4)
    rmagick (2.13.2)
    rspec (2.14.1)
      rspec-core (~> 2.14.0)
      rspec-expectations (~> 2.14.0)
      rspec-mocks (~> 2.14.0)
    rspec-core (2.14.8)
    rspec-expectations (2.14.5)
      diff-lcs (>= 1.1.3, < 2.0)
    rspec-mocks (2.14.6)
    ruby_process (0.0.9)
      tsafe
      wref
    sqlite3 (1.3.9)
    string-strtr (0.0.3)
    thread_safe (0.3.6)
    tsafe (0.0.11)
    wref (0.0.8)

PLATFORMS
  ruby

DEPENDENCIES
  array_enumerator
  bundler
  datet
  http2
  jeweler
  php4r
  rmagick
  rspec
  ruby_process
  sqlite3
  tsafe
  wref (>= 0.0.8)
