PATH
  remote: .
  specs:
    knjrbfw (0.0.116)
      datet
      http2
      php4r
      ruby_process
      tsafe
      wref (>= 0.0.8)

GEM
  remote: http://rubygems.org/
  specs:
    addressable (2.4.0)
    array_enumerator (0.0.10)
    builder (3.2.4)
    datet (0.0.25)
    descendants_tracker (0.0.4)
      thread_safe (~> 0.3, >= 0.3.1)
    diff-lcs (1.5.1)
    faraday (0.9.2)
      multipart-post (>= 1.2, < 3)
    git (1.11.0)
      rchardet (~> 1.8)
    github_api (0.16.0)
      addressable (~> 2.4.0)
      descendants_tracker (~> 0.0.4)
      faraday (~> 0.8, < 0.10)
      hashie (>= 3.4)
      mime-types (>= 1.16, < 3.0)
      oauth2 (~> 1.0)
    hashie (5.0.0)
    highline (2.0.3)
    http2 (0.0.36)
      string-cases (~> 0)
    jeweler (2.3.9)
      builder
      bundler
      git (>= 1.2.5)
      github_api (~> 0.16.0)
      highline (>= 1.6.15)
      nokogiri (>= 1.5.10)
      psych
      rake
      rdoc
      semver2
    jwt (2.3.0)
    mime-types (2.99.3)
    mini_portile2 (2.8.5)
    multi_json (1.15.0)
    multi_xml (0.6.0)
    multipart-post (2.1.1)
    nokogiri (1.16.3)
      mini_portile2 (~> 2.8.2)
      racc (~> 1.4)
    oauth2 (1.4.8)
      faraday (>= 0.8, < 3.0)
      jwt (>= 1.0, < 3.0)
      multi_json (~> 1.3)
      multi_xml (~> 0.5)
      rack (>= 1.2, < 3)
    observer (0.1.2)
    php4r (0.0.4)
      datet
      http2
      string-strtr
    pkg-config (1.5.6)
    psych (4.0.3)
      stringio
    racc (1.7.3)
    rack (2.2.8.1)
    rake (13.0.6)
    rchardet (1.8.0)
    rdoc (6.4.0)
      psych (>= 4.0.0)
    ref (2.0.0)
    rmagick (5.4.4)
      observer (~> 0.1)
      pkg-config (~> 1.4)
    rspec (3.13.0)
      rspec-core (~> 3.13.0)
      rspec-expectations (~> 3.13.0)
      rspec-mocks (~> 3.13.0)
    rspec-core (3.13.0)
      rspec-support (~> 3.13.0)
    rspec-expectations (3.13.0)
      diff-lcs (>= 1.2.0, < 2.0)
      rspec-support (~> 3.13.0)
    rspec-mocks (3.13.0)
      diff-lcs (>= 1.2.0, < 2.0)
      rspec-support (~> 3.13.0)
    rspec-support (3.13.0)
    ruby_process (0.0.13)
      string-cases
      tsafe
      wref
    semver2 (3.4.2)
    sqlite3 (1.6.8)
      mini_portile2 (~> 2.8.0)
    string-cases (0.0.4)
    string-strtr (0.0.3)
    stringio (3.0.2)
    thread_safe (0.3.6)
    tsafe (0.0.12)
    weakling (0.0.3)
    wref (0.0.9)
      ref
      weakling

PLATFORMS
  ruby

DEPENDENCIES
  array_enumerator
  bundler
  jeweler
  knjrbfw!
  rmagick
  rspec
  sqlite3

BUNDLED WITH
   2.3.8
