GEM
  remote: http://rubygems.org/
  specs:
    datet (0.0.21)
    diff-lcs (1.2.1)
    git (1.2.5)
    http2 (0.0.13)
    jeweler (1.8.4)
      bundler (~> 1.0)
      git (>= 1.2.5)
      rake
      rdoc
    json (1.7.7)
    php4r (0.0.3)
      datet
      http2
    rake (10.0.3)
    rdoc (4.0.0)
      json (~> 1.4)
    rmagick (2.13.2)
    rspec (2.13.0)
      rspec-core (~> 2.13.0)
      rspec-expectations (~> 2.13.0)
      rspec-mocks (~> 2.13.0)
    rspec-core (2.13.0)
    rspec-expectations (2.13.0)
      diff-lcs (>= 1.1.3, < 2.0)
    rspec-mocks (2.13.0)
    ruby_process (0.0.8)
      tsafe
      wref
    sqlite3 (1.3.7)
    tsafe (0.0.11)
    wref (0.0.5)

PLATFORMS
  ruby

DEPENDENCIES
  bundler
  datet
  http2
  jeweler
  php4r
  rmagick
  rspec
  ruby_process
  sqlite3
  tsafe
  wref
