GEM
  remote: http://rubygems.org/
  specs:
    datet (0.0.20)
    diff-lcs (1.1.3)
    git (1.2.5)
    http2 (0.0.10)
    jeweler (1.6.4)
      bundler (~> 1.0)
      git (>= 1.2.5)
      rake
    php4r (0.0.3)
      datet
      http2
    rake (0.9.2.2)
    rmagick (2.13.1)
    rspec (2.3.0)
      rspec-core (~> 2.3.0)
      rspec-expectations (~> 2.3.0)
      rspec-mocks (~> 2.3.0)
    rspec-core (2.3.1)
    rspec-expectations (2.3.0)
      diff-lcs (~> 1.1.2)
    rspec-mocks (2.3.0)
    ruby_process (0.0.7)
      tsafe
      wref
    sqlite3 (1.3.6)
    tsafe (0.0.11)
    wref (0.0.5)

PLATFORMS
  ruby

DEPENDENCIES
  bundler (>= 1.0.0)
  datet
  http2
  jeweler (~> 1.6.3)
  php4r
  rmagick
  rspec (~> 2.3.0)
  ruby_process
  sqlite3
  tsafe
  wref
